GEM
  remote: https://rubygems.org/
  specs:
    aws-sdk (2.6.40)
      aws-sdk-resources (= 2.6.40)
    aws-sdk-core (2.6.40)
      aws-sigv4 (~> 1.0)
      jmespath (~> 1.0)
    aws-sdk-resources (2.6.40)
      aws-sdk-core (= 2.6.40)
    aws-sigv4 (1.0.0)
    gli (2.13.2)
    jmespath (1.3.1)

PLATFORMS
  ruby

DEPENDENCIES
  craft-drush (= 0.0.7)!

BUNDLED WITH
   1.14.6
